GEM
  remote: http://rubygems.org/
  specs:
    erector (0.8.2)
      rake
      treetop (>= 1.2.3)
    json (1.5.1)
    oauth (0.4.4)
    polyglot (0.3.1)
    rack (1.2.1)
    rake (0.8.7)
    sinatra (1.1.2)
      rack (~> 1.1)
      tilt (~> 1.2)
    tilt (1.2.2)
    treetop (1.4.9)
      polyglot (>= 0.3.1)

PLATFORMS
  ruby

DEPENDENCIES
  erector
  json
  oauth
  sinatra
